PATH
  remote: .
  specs:
    nullobject_chain (1.0.1)
      nullobject

GEM
  remote: http://rubygems.org/
  specs:
    nullobject (0.0.5)

PLATFORMS
  ruby

DEPENDENCIES
  nullobject_chain!
